GEM
  remote: http://rubygems.org/
  specs:
    activesupport (5.1.4)
      concurrent-ruby (~> 1.0, >= 1.0.2)
      i18n (~> 0.7)
      minitest (~> 5.1)
      tzinfo (~> 1.1)
    addressable (2.5.2)
      public_suffix (>= 2.0.2, < 4.0)
    autoparse (0.3.3)
      addressable (>= 2.3.1)
      extlib (>= 0.9.15)
      multi_json (>= 1.0.0)
    builder (3.2.3)
    coderay (1.1.2)
    concurrent-ruby (1.0.5)
    extlib (0.9.16)
    faraday (0.8.11)
      multipart-post (~> 1.2.0)
    ffi (1.9.18)
    formatador (0.2.5)
    git (1.3.0)
    github_api (0.10.1)
      addressable
      faraday (~> 0.8.1)
      hashie (>= 1.2)
      multi_json (~> 1.4)
      nokogiri (~> 1.5.2)
      oauth2
    google-api-client (0.6.4)
      addressable (>= 2.3.2)
      autoparse (>= 0.3.3)
      extlib (>= 0.9.15)
      faraday (~> 0.8.4)
      jwt (>= 0.1.5)
      launchy (>= 2.1.1)
      multi_json (>= 1.0.0)
      signet (~> 0.4.5)
      uuidtools (>= 2.1.0)
    guard (2.14.2)
      formatador (>= 0.2.4)
      listen (>= 2.7, < 4.0)
      lumberjack (>= 1.0.12, < 2.0)
      nenv (~> 0.1)
      notiffany (~> 0.0)
      pry (>= 0.9.12)
      shellany (~> 0.0)
      thor (>= 0.18.1)
    guard-compat (1.2.1)
    guard-test (2.0.8)
      guard-compat (~> 1.2)
      test-unit (~> 3.0)
    hashie (3.5.7)
    highline (1.7.10)
    httparty (0.15.6)
      multi_xml (>= 0.5.2)
    i18n (0.9.1)
      concurrent-ruby (~> 1.0)
    jeweler (1.8.8)
      builder
      bundler (~> 1.0)
      git (>= 1.2.5)
      github_api (= 0.10.1)
      highline (>= 1.6.15)
      nokogiri (= 1.5.10)
      rake
      rdoc
    jwt (1.5.6)
    launchy (2.4.3)
      addressable (~> 2.3)
    listen (3.1.5)
      rb-fsevent (~> 0.9, >= 0.9.4)
      rb-inotify (~> 0.9, >= 0.9.7)
      ruby_dep (~> 1.2)
    lumberjack (1.0.12)
    metaclass (0.0.4)
    method_source (0.9.0)
    minitest (5.11.1)
    mocha (1.3.0)
      metaclass (~> 0.0.1)
    multi_json (1.13.1)
    multi_xml (0.6.0)
    multipart-post (1.2.0)
    nenv (0.3.0)
    nokogiri (1.5.10)
    notiffany (0.1.1)
      nenv (~> 0.1)
      shellany (~> 0.0)
    oauth2 (1.4.0)
      faraday (>= 0.8, < 0.13)
      jwt (~> 1.0)
      multi_json (~> 1.3)
      multi_xml (~> 0.5)
      rack (>= 1.2, < 3)
    power_assert (1.1.1)
    pry (0.11.3)
      coderay (~> 1.1.0)
      method_source (~> 0.9.0)
    public_suffix (3.0.1)
    rack (2.0.3)
    rake (12.3.0)
    rb-fsevent (0.10.2)
    rb-inotify (0.9.10)
      ffi (>= 0.5.0, < 2)
    rdoc (6.0.1)
    ruby_dep (1.5.0)
    shellany (0.0.1)
    shoulda (3.5.0)
      shoulda-context (~> 1.0, >= 1.0.1)
      shoulda-matchers (>= 1.4.1, < 3.0)
    shoulda-context (1.2.2)
    shoulda-matchers (2.8.0)
      activesupport (>= 3.0.0)
    signet (0.4.5)
      addressable (>= 2.2.3)
      faraday (~> 0.8.1)
      jwt (>= 0.1.5)
      multi_json (>= 1.0.0)
    test-unit (3.2.7)
      power_assert
    thor (0.20.0)
    thread_safe (0.3.6)
    tzinfo (1.2.4)
      thread_safe (~> 0.1)
    uuidtools (2.1.5)
    yard (0.9.12)

PLATFORMS
  ruby

DEPENDENCIES
  bundler (~> 1.15.1)
  google-api-client (>= 0.6.3)
  guard
  guard-test
  httparty
  jeweler (~> 1.8.3)
  mocha
  rdoc (~> 6.0)
  shoulda
  yard (~> 0.9)

BUNDLED WITH
   1.15.1
